GEM
  remote: https://rubygems.org/
  specs:
    alfred-workflow (1.11.3)
      plist (>= 3.1.0)
    google-search (1.0.3)
      json
    json (1.8.1)
    plist (3.1.0)

PLATFORMS
  ruby

DEPENDENCIES
  alfred-workflow
  google-search
